STORAGE: NONE
RESTRICTION: == net6.0
NUGET
  remote: https://api.nuget.org/v3/index.json
    BenchmarkDotNet (0.12.1)
      BenchmarkDotNet.Annotations (>= 0.12.1)
      CommandLineParser (>= 2.4.3)
      Iced (>= 1.4)
      Microsoft.CodeAnalysis.CSharp (>= 2.10)
      Microsoft.Diagnostics.NETCore.Client (>= 0.2.61701)
      Microsoft.Diagnostics.Runtime (>= 1.1.57604)
      Microsoft.Diagnostics.Tracing.TraceEvent (>= 2.0.49)
      Microsoft.DotNet.PlatformAbstractions (>= 2.1)
      Microsoft.Win32.Registry (>= 4.5)
      Perfolizer (>= 0.2.1)
      System.Management (>= 4.5)
      System.Reflection.Emit (>= 4.3)
      System.Reflection.Emit.Lightweight (>= 4.3)
      System.Threading.Tasks.Extensions (>= 4.5.2)
      System.ValueTuple (>= 4.5)
    BenchmarkDotNet.Annotations (0.12.1)
    CommandLineParser (2.8)
    Expecto (9.0.4)
      FSharp.Core (>= 4.6)
      Mono.Cecil (>= 0.11.3)
    Expecto.BenchmarkDotNet (9.0.4)
      BenchmarkDotNet (>= 0.12.1)
      FSharp.Core (>= 4.6)
    Expecto.FsCheck (9.0.4)
      Expecto (>= 9.0.4)
      FsCheck (>= 2.14.3)
    FsCheck (2.14.3)
      FSharp.Core (>= 4.2.3)
    FSharp.Core (6.0)
    FSharpPlus (1.2.2)
      FSharp.Core (>= 4.6.2)
    GitInfo (2.2) - copy_local: true
    Iced (1.8)
    libsodium (1.0.18.1)
    Microsoft.Bcl.AsyncInterfaces (1.1.1)
    Microsoft.Build.Tasks.Git (1.1.1) - copy_local: true
    Microsoft.CodeAnalysis.Analyzers (3.3)
    Microsoft.CodeAnalysis.Common (3.7)
      Microsoft.CodeAnalysis.Analyzers (>= 3.0)
      System.Collections.Immutable (>= 1.5)
      System.Memory (>= 4.5.4)
      System.Reflection.Metadata (>= 1.6)
      System.Runtime.CompilerServices.Unsafe (>= 4.7)
      System.Text.Encoding.CodePages (>= 4.5.1)
      System.Threading.Tasks.Extensions (>= 4.5.3)
    Microsoft.CodeAnalysis.CSharp (3.7)
      Microsoft.CodeAnalysis.Common (3.7)
    Microsoft.CodeCoverage (17.1)
    Microsoft.Diagnostics.NETCore.Client (0.2.141901)
      Microsoft.Bcl.AsyncInterfaces (>= 1.1)
    Microsoft.Diagnostics.Runtime (2.0.145301)
      Microsoft.Diagnostics.NETCore.Client (>= 0.2.61701)
      System.Buffers (>= 4.5.1)
      System.Collections.Immutable (>= 1.7.1)
      System.Memory (>= 4.5.4)
      System.Reflection.Metadata (>= 1.8.1)
      System.Runtime.CompilerServices.Unsafe (>= 4.7.1)
    Microsoft.Diagnostics.Tracing.TraceEvent (2.0.60)
      System.Runtime.CompilerServices.Unsafe (>= 4.5.2)
    Microsoft.DotNet.PlatformAbstractions (3.1.6)
    Microsoft.NET.Test.Sdk (17.1)
      Microsoft.CodeCoverage (>= 17.1)
      Microsoft.TestPlatform.TestHost (>= 17.1)
    Microsoft.NETCore.Platforms (3.1.3)
    Microsoft.SourceLink.Common (1.1.1) - copy_local: true
    Microsoft.SourceLink.GitHub (1.1.1) - copy_local: true
      Microsoft.Build.Tasks.Git (>= 1.1.1)
      Microsoft.SourceLink.Common (>= 1.1.1)
    Microsoft.TestPlatform.ObjectModel (17.1)
      NuGet.Frameworks (>= 5.11)
      System.Reflection.Metadata (>= 1.6)
    Microsoft.TestPlatform.TestHost (17.1)
      Microsoft.TestPlatform.ObjectModel (>= 17.1)
      Newtonsoft.Json (>= 9.0.1)
    Microsoft.Win32.Registry (4.7)
      System.Security.AccessControl (>= 4.7)
      System.Security.Principal.Windows (>= 4.7)
    Mono.Cecil (0.11.4)
    Newtonsoft.Json (13.0.1)
    NuGet.Frameworks (6.1)
    Perfolizer (0.2.1)
      System.Memory (>= 4.5.3)
    System.Buffers (4.5.1)
    System.CodeDom (4.7)
    System.Collections.Immutable (1.7.1)
    System.Management (4.7)
      Microsoft.NETCore.Platforms (>= 3.1)
      Microsoft.Win32.Registry (>= 4.7)
      System.CodeDom (>= 4.7)
    System.Memory (4.5.4)
    System.Reflection.Emit (4.7)
    System.Reflection.Emit.Lightweight (4.7)
    System.Reflection.Metadata (1.8.1)
    System.Runtime.CompilerServices.Unsafe (4.7.1)
    System.Security.AccessControl (4.7)
      Microsoft.NETCore.Platforms (>= 3.1)
      System.Security.Principal.Windows (>= 4.7)
    System.Security.Principal.Windows (4.7)
    System.Text.Encoding.CodePages (4.7.1)
      Microsoft.NETCore.Platforms (>= 3.1.1)
    System.Threading.Tasks.Extensions (4.5.4)
    System.ValueTuple (4.5)
    Unquote (6.1)
      FSharp.Core (>= 4.7.2)
    YoloDev.Expecto.TestSdk (0.12.13)
      Expecto (>= 9.0 < 10.0)
      FSharp.Core (>= 4.6)
      System.Collections.Immutable (>= 1.5)
  remote: https://nuget.nikolamilekic.com/index.json
    Milekic.YoLo (3.0.0-dev.43) - storage: packages
      FSharp.Core (>= 6.0)
